GEM
  remote: http://rubygems.org/
  specs:
    rubyvis (0.5.1)

PLATFORMS
  java

DEPENDENCIES
  rubyvis
